GEM
  remote: https://rubygems.org/
  specs:
    backports (3.6.4)
    kgio (2.9.2)
    mina (0.3.1)
      open4 (~> 1.3.4)
      rake
    mina-unicorn (0.0.3)
    multi_json (1.10.1)
    open4 (1.3.4)
    rack (1.5.2)
    rack-protection (1.5.3)
      rack
    rack-test (0.6.2)
      rack (>= 1.0)
    raindrops (0.13.0)
    rake (10.4.2)
    shotgun (0.9)
      rack (>= 1.0)
    sinatra (1.4.5)
      rack (~> 1.4)
      rack-protection (~> 1.4)
      tilt (~> 1.3, >= 1.3.4)
    sinatra-contrib (1.4.2)
      backports (>= 2.0)
      multi_json
      rack-protection
      rack-test
      sinatra (~> 1.4.0)
      tilt (~> 1.3)
    sinatra-jsonp (0.4.3)
      multi_json (~> 1.8)
      sinatra (~> 1.0)
    tilt (1.4.1)
    unicorn (4.8.3)
      kgio (~> 2.6)
      rack
      raindrops (~> 0.7)

PLATFORMS
  ruby

DEPENDENCIES
  mina
  mina-unicorn
  shotgun
  sinatra
  sinatra-contrib
  sinatra-jsonp
  unicorn
